GEM
  remote: https://rubygems.org/
  specs:
    rainbow (2.0.0)
    sass (3.4.19)
    sass-media_query_combiner (0.0.7)
      sass (>= 3.2.0)
    scss-lint (0.38.0)
      rainbow (~> 2.0)
      sass (~> 3.4.1)

PLATFORMS
  ruby

DEPENDENCIES
  sass
  sass-media_query_combiner
  scss-lint

BUNDLED WITH
   1.10.6
