GEM
  remote: https://rubygems.org/
  specs:
    sass (3.4.19)
    sass-media_query_combiner (0.0.7)
      sass (>= 3.2.0)

PLATFORMS
  ruby

DEPENDENCIES
  sass
  sass-media_query_combiner

BUNDLED WITH
   1.10.6
